PATH
  remote: .
  specs:
    sapi-client (0.6.1)
      faraday_middleware (~> 1.0.0)
      i18n (~> 1.5)

GEM
  remote: https://rubygems.org/
  specs:
    ansi (1.5.0)
    ast (2.4.2)
    builder (3.2.4)
    byebug (11.1.3)
    concurrent-ruby (1.1.8)
    docile (1.3.5)
    faraday (1.3.0)
      faraday-net_http (~> 1.0)
      multipart-post (>= 1.2, < 3)
      ruby2_keywords
    faraday-net_http (1.0.1)
    faraday_middleware (1.0.0)
      faraday (~> 1.0)
    i18n (1.8.8)
      concurrent-ruby (~> 1.0)
    minitest (5.14.3)
    minitest-reporters (1.4.3)
      ansi
      builder
      minitest (>= 5.0)
      ruby-progressbar
    mocha (1.12.0)
    multipart-post (2.1.1)
    parallel (1.20.1)
    parser (3.0.0.0)
      ast (~> 2.4.1)
    rainbow (3.0.0)
    rake (13.0.3)
    regexp_parser (2.0.3)
    rexml (3.2.4)
    rubocop (1.9.1)
      parallel (~> 1.10)
      parser (>= 3.0.0.0)
      rainbow (>= 2.2.2, < 4.0)
      regexp_parser (>= 1.8, < 3.0)
      rexml
      rubocop-ast (>= 1.2.0, < 2.0)
      ruby-progressbar (~> 1.7)
      unicode-display_width (>= 1.4.0, < 3.0)
    rubocop-ast (1.4.1)
      parser (>= 2.7.1.5)
    ruby-progressbar (1.11.0)
    ruby2_keywords (0.0.4)
    simplecov (0.21.2)
      docile (~> 1.1)
      simplecov-html (~> 0.11)
      simplecov_json_formatter (~> 0.1)
    simplecov-html (0.12.3)
    simplecov_json_formatter (0.1.2)
    unicode-display_width (2.0.0)
    vcr (6.0.0)

PLATFORMS
  ruby

DEPENDENCIES
  bundler (~> 2.1.4)
  byebug (~> 11.1.3)
  minitest (~> 5.0)
  minitest-reporters (~> 1.4.2)
  mocha (~> 1.12.0)
  rake (~> 13.0.1)
  rubocop (~> 1.9.0)
  sapi-client!
  simplecov (~> 0.21.1)
  vcr (~> 6.0.0)

BUNDLED WITH
   2.1.4
