PATH
  remote: .
  specs:
    sapi-client (0.3.0)
      faraday_middleware (~> 0.12.2)

GEM
  remote: https://rubygems.org/
  specs:
    ansi (1.5.0)
    builder (3.2.3)
    byebug (9.0.6)
    docile (1.3.1)
    faraday (0.15.4)
      multipart-post (>= 1.2, < 3)
    faraday_middleware (0.12.2)
      faraday (>= 0.7.4, < 1.0)
    json (2.1.0)
    minitest (5.11.3)
    minitest-reporters (1.1.19)
      ansi
      builder
      minitest (>= 5.0)
      ruby-progressbar
    multipart-post (2.0.0)
    rake (10.5.0)
    ruby-progressbar (1.10.0)
    simplecov (0.16.1)
      docile (~> 1.1)
      json (>= 1.8, < 3)
      simplecov-html (~> 0.10.0)
    simplecov-html (0.10.2)
    vcr (4.0.0)

PLATFORMS
  ruby

DEPENDENCIES
  bundler (~> 1.17)
  byebug (~> 9.0.5)
  minitest (~> 5.0)
  minitest-reporters (~> 1.1.11)
  rake (~> 10.0)
  sapi-client!
  simplecov (~> 0.16.1)
  vcr (~> 4.0.0)

BUNDLED WITH
   1.17.1
