PATH
  remote: .
  specs:
    sapi-client (0.5.0)
      faraday_middleware (~> 0.12.0)
      i18n (~> 1.5)

GEM
  remote: https://rubygems.org/
  specs:
    ansi (1.5.0)
    builder (3.2.4)
    byebug (11.0.1)
    concurrent-ruby (1.1.5)
    docile (1.3.2)
    faraday (0.17.3)
      multipart-post (>= 1.2, < 3)
    faraday_middleware (0.12.2)
      faraday (>= 0.7.4, < 1.0)
    i18n (1.8.2)
      concurrent-ruby (~> 1.0)
    json (2.3.0)
    minitest (5.14.0)
    minitest-reporters (1.4.2)
      ansi
      builder
      minitest (>= 5.0)
      ruby-progressbar
    mocha (1.11.2)
    multipart-post (2.1.1)
    rake (13.0.1)
    ruby-progressbar (1.10.1)
    simplecov (0.17.1)
      docile (~> 1.1)
      json (>= 1.8, < 3)
      simplecov-html (~> 0.10.0)
    simplecov-html (0.10.2)
    vcr (5.0.0)

PLATFORMS
  ruby

DEPENDENCIES
  bundler (~> 1.17)
  byebug (~> 11.0.1)
  minitest (~> 5.0)
  minitest-reporters (~> 1.4.2)
  mocha (~> 1.11.2)
  rake (~> 13.0.1)
  sapi-client!
  simplecov (~> 0.17.1)
  vcr (~> 5.0.0)

BUNDLED WITH
   1.17.1
