PATH
  remote: .
  specs:
    sapi-client (0.6.0)
      faraday_middleware (~> 1.0.0)
      i18n (~> 1.5)

GEM
  remote: https://rubygems.org/
  specs:
    ansi (1.5.0)
    ast (2.4.1)
    builder (3.2.4)
    byebug (11.1.3)
    concurrent-ruby (1.1.7)
    docile (1.3.2)
    faraday (1.1.0)
      multipart-post (>= 1.2, < 3)
      ruby2_keywords
    faraday_middleware (1.0.0)
      faraday (~> 1.0)
    i18n (1.8.5)
      concurrent-ruby (~> 1.0)
    minitest (5.14.2)
    minitest-reporters (1.4.2)
      ansi
      builder
      minitest (>= 5.0)
      ruby-progressbar
    mocha (1.11.2)
    multipart-post (2.1.1)
    parallel (1.20.0)
    parser (2.7.2.0)
      ast (~> 2.4.1)
    rainbow (3.0.0)
    rake (13.0.1)
    regexp_parser (1.8.2)
    rexml (3.2.4)
    rubocop (1.3.0)
      parallel (~> 1.10)
      parser (>= 2.7.1.5)
      rainbow (>= 2.2.2, < 4.0)
      regexp_parser (>= 1.8)
      rexml
      rubocop-ast (>= 1.1.1)
      ruby-progressbar (~> 1.7)
      unicode-display_width (>= 1.4.0, < 2.0)
    rubocop-ast (1.1.1)
      parser (>= 2.7.1.5)
    ruby-progressbar (1.10.1)
    ruby2_keywords (0.0.2)
    simplecov (0.19.1)
      docile (~> 1.1)
      simplecov-html (~> 0.11)
    simplecov-html (0.12.3)
    unicode-display_width (1.7.0)
    vcr (6.0.0)

PLATFORMS
  ruby

DEPENDENCIES
  bundler (~> 2.1.4)
  byebug (~> 11.1.3)
  minitest (~> 5.0)
  minitest-reporters (~> 1.4.2)
  mocha (~> 1.11.2)
  rake (~> 13.0.1)
  rubocop (~> 1.3.0)
  sapi-client!
  simplecov (~> 0.19.1)
  vcr (~> 6.0.0)

BUNDLED WITH
   2.1.4
